GEM
  remote: http://rubygems.org/
  specs:
    git (1.2.5)
    jeweler (1.6.4)
      bundler (~> 1.0)
      git (>= 1.2.5)
      rake
    json (1.6.1)
    json (1.6.1-java)
    maruku (0.6.1)
      syntax (>= 1.0.0)
    metaclass (0.0.1)
    mocha (0.10.0)
      metaclass (~> 0.0.1)
    mock_redis (0.2.0)
    multi_json (1.0.3)
    rake (0.9.2)
    rdoc (3.11)
      json (~> 1.4)
    redis (2.2.2)
    redis-namespace (1.1.0)
      redis (< 3.0.0)
    shoulda (2.11.3)
    simplecov (0.5.4)
      multi_json (~> 1.0.3)
      simplecov-html (~> 0.5.3)
    simplecov-html (0.5.3)
    syntax (1.0.0)
    timecop (0.3.5)
    yard (0.7.3)

PLATFORMS
  java
  ruby

DEPENDENCIES
  jeweler (~> 1.6.4)
  maruku
  mocha (~> 0.10)
  mock_redis (~> 0.2.0)
  rake
  rdoc
  redis
  redis-namespace
  shoulda
  simplecov
  timecop
  yard
